GEM
  remote: https://rubygems.org/
  specs:
    codeclimate-test-reporter (1.0.8)
      simplecov (<= 0.13)
    colored (1.2)
    docile (1.1.5)
    json (2.0.3)
    minitest (5.10.1)
    rake (12.0.0)
    rake-notes (0.2.0)
      colored
      rake
    simplecov (0.13.0)
      docile (~> 1.1.0)
      json (>= 1.8, < 3)
      simplecov-html (~> 0.10.0)
    simplecov-html (0.10.0)

PLATFORMS
  ruby

DEPENDENCIES
  codeclimate-test-reporter (~> 1.0, >= 1.0.8)!
  minitest (~> 5.10, >= 5.10.1)!
  rake!
  rake-notes (~> 0.2.0)!
  simplecov (~> 0.13.0)!

BUNDLED WITH
   1.13.7
